PATH
  remote: .
  specs:
    simplecov-rcov (0.1.4)

GEM
  remote: http://rubygems.org/
  specs:
    simplecov (0.4.1)
      simplecov-html (~> 0.4.3)
    simplecov-html (0.4.3)

PLATFORMS
  ruby

DEPENDENCIES
  simplecov
  simplecov-rcov!
